PATH
  remote: .
  specs:
    ruby-progressbar (1.0.2)

GEM
  remote: http://rubygems.org/
  specs:
    diff-lcs (1.2.4)
    fuubar (1.1.0)
      rspec (~> 2.0)
      rspec-instafail (~> 0.2.0)
      ruby-progressbar (~> 1.0.0)
    multi_json (1.3.6)
    rake (0.9.2.2)
    rspec (2.13.0)
      rspec-core (~> 2.13.0)
      rspec-expectations (~> 2.13.0)
      rspec-mocks (~> 2.13.0)
    rspec-core (2.13.1)
    rspec-expectations (2.13.0)
      diff-lcs (>= 1.1.3, < 2.0)
    rspec-instafail (0.2.4)
    rspec-mocks (2.13.1)
    rspectacular (0.13.0)
      fuubar (~> 1.0)
      rspec (~> 2.12)
    ruby-prof (0.11.2)
    simplecov (0.6.4)
      multi_json (~> 1.0)
      simplecov-html (~> 0.5.3)
    simplecov-html (0.5.3)
    timecop (0.5.2)

PLATFORMS
  ruby

DEPENDENCIES
  rake
  rspec (~> 2.13)
  rspectacular (~> 0.13)
  ruby-prof (~> 0.11.2)
  ruby-progressbar!
  simplecov (~> 0.5)
  timecop (~> 0.5)
