PATH
  remote: .
  specs:
    ruby-progressbar (1.3.1)

GEM
  remote: https://rubygems.org/
  specs:
    diff-lcs (1.2.4)
    fuubar (1.3.0)
      rspec (>= 2.14.0, < 3.1.0)
      ruby-progressbar (~> 1.3)
    json (1.7.7)
    json (1.7.7-java)
    rake (10.0.4)
    rspec (2.14.1)
      rspec-core (~> 2.14.0)
      rspec-expectations (~> 2.14.0)
      rspec-mocks (~> 2.14.0)
    rspec-core (2.14.4)
    rspec-expectations (2.14.1)
      diff-lcs (>= 1.1.3, < 2.0)
    rspec-mocks (2.14.3)
    ruby-prof (0.13.0)
    timecop (0.6.1)

PLATFORMS
  java
  ruby

DEPENDENCIES
  fuubar (~> 1.3)
  json (~> 1.7.7)
  rake
  rspec (~> 2.13)
  ruby-prof (~> 0.13.0)
  ruby-progressbar!
  timecop (~> 0.6)
