PATH
  remote: .
  specs:
    ruby-progressbar (0.9.0)

GEM
  remote: http://rubygems.org/
  specs:
    diff-lcs (1.1.2)
    rspec (2.5.0)
      rspec-core (~> 2.5.0)
      rspec-expectations (~> 2.5.0)
      rspec-mocks (~> 2.5.0)
    rspec-core (2.5.1)
    rspec-expectations (2.5.0)
      diff-lcs (~> 1.1.2)
    rspec-mocks (2.5.0)
    simplecov (0.4.2)
      simplecov-html (~> 0.4.4)
    simplecov-html (0.4.4)
    timecop (0.3.5)

PLATFORMS
  ruby

DEPENDENCIES
  bundler (~> 1.0.10)
  rspec (~> 2.5)
  ruby-progressbar!
  simplecov (~> 0.4.2)
  timecop (~> 0.3.5)
