PATH
  remote: .
  specs:
    ruby-progressbar (1.4.2)

GEM
  remote: https://rubygems.org/
  specs:
    diff-lcs (1.2.5)
    fuubar (2.0.0.beta1)
      rspec (~> 3.0.beta)
      ruby-progressbar (~> 1.3)
    json (1.7.7)
    rake (10.2.1)
    rspec (3.0.0.beta2)
      rspec-core (= 3.0.0.beta2)
      rspec-expectations (= 3.0.0.beta2)
      rspec-mocks (= 3.0.0.beta2)
    rspec-core (3.0.0.beta2)
      rspec-support (= 3.0.0.beta2)
    rspec-expectations (3.0.0.beta2)
      diff-lcs (>= 1.2.0, < 2.0)
      rspec-support (= 3.0.0.beta2)
    rspec-mocks (3.0.0.beta2)
      rspec-support (= 3.0.0.beta2)
    rspec-support (3.0.0.beta2)
    rspectacular (0.19.0)
      fuubar (~> 2.0.beta)
      rspec (~> 3.0.beta)
    ruby-prof (0.13.1)
    timecop (0.7.1)

PLATFORMS
  ruby

DEPENDENCIES
  fuubar (~> 2.0beta)
  json (~> 1.7.7)
  rake
  rspec (~> 3.0.0beta)
  rspectacular (~> 0.19)
  ruby-prof (~> 0.13.0)
  ruby-progressbar!
  timecop (~> 0.6)
